GEM
  remote: https://rubygems.org/
  specs:
    animate-sass (0.1.1)
      compass (>= 0.11.5)
    chunky_png (1.2.8)
    compass (0.12.2)
      chunky_png (~> 1.2)
      fssm (>= 0.2.7)
      sass (~> 3.1)
    compass-css-arrow (0.0.4)
      compass (>= 0.11)
    compass-rgbapng (0.2.1)
      chunky_png (>= 0.8.0)
      compass (>= 0.10.0)
    fssm (0.2.10)
    sass (3.2.9)
    zurb-foundation (4.2.3)
      sass (>= 3.2.0)

PLATFORMS
  ruby

DEPENDENCIES
  animate-sass
  compass-css-arrow
  compass-rgbapng
  sass
  zurb-foundation
